GEM
  remote: http://rubygems.org/
  specs:
    autotest (4.4.5)
    autotest-fsevent (0.2.3)
      sys-uname
    bluecloth (2.0.9)
    columnize (0.3.2)
    diff-lcs (1.1.2)
    linecache (0.43)
    rake (0.8.7)
    rspec (2.1.0)
      rspec-core (~> 2.1.0)
      rspec-expectations (~> 2.1.0)
      rspec-mocks (~> 2.1.0)
    rspec-core (2.1.0)
    rspec-expectations (2.1.0)
      diff-lcs (~> 1.1.2)
    rspec-mocks (2.1.0)
    ruby-debug (0.10.4)
      columnize (>= 0.1)
      ruby-debug-base (~> 0.10.4.0)
    ruby-debug-base (0.10.4)
      linecache (>= 0.3)
    sys-uname (0.8.4)
    yard (0.6.1)

PLATFORMS
  ruby

DEPENDENCIES
  autotest
  autotest-fsevent
  bluecloth
  rake
  rspec
  ruby-debug
  yard
