GEM
  remote: http://rubygems.org/
  specs:
    bluecloth (2.0.9)
    columnize (0.3.2)
    diff-lcs (1.1.2)
    linecache (0.43)
    rake (0.8.7)
    rspec (2.0.1)
      rspec-core (~> 2.0.1)
      rspec-expectations (~> 2.0.1)
      rspec-mocks (~> 2.0.1)
    rspec-core (2.0.1)
    rspec-expectations (2.0.1)
      diff-lcs (>= 1.1.2)
    rspec-mocks (2.0.1)
      rspec-core (~> 2.0.1)
      rspec-expectations (~> 2.0.1)
    ruby-debug (0.10.4)
      columnize (>= 0.1)
      ruby-debug-base (~> 0.10.4.0)
    ruby-debug-base (0.10.4)
      linecache (>= 0.3)
    yard (0.6.1)

PLATFORMS
  ruby

DEPENDENCIES
  bluecloth
  rake
  rspec
  ruby-debug
  yard
