GEM
  remote: http://rubygems.org/
  specs:
    bluecloth (2.0.9)
    diff-lcs (1.1.2)
    rake (0.8.7)
    rspec (2.0.1)
      rspec-core (~> 2.0.1)
      rspec-expectations (~> 2.0.1)
      rspec-mocks (~> 2.0.1)
    rspec-core (2.0.1)
    rspec-expectations (2.0.1)
      diff-lcs (>= 1.1.2)
    rspec-mocks (2.0.1)
      rspec-core (~> 2.0.1)
      rspec-expectations (~> 2.0.1)
    yard (0.6.1)

PLATFORMS
  ruby

DEPENDENCIES
  bluecloth
  rake
  rspec
  yard
